GEM
  remote: https://rubygems.org/
  specs:
    activemodel (5.0.0)
      activesupport (= 5.0.0)
    activerecord (5.0.0)
      activemodel (= 5.0.0)
      activesupport (= 5.0.0)
      arel (~> 7.0)
    activerecord-postgis-adapter (4.0.0)
      activerecord (~> 5.0.0)
      rgeo-activerecord (~> 5.0.0)
    activesupport (5.0.0)
      concurrent-ruby (~> 1.0, >= 1.0.2)
      i18n (~> 0.7)
      minitest (~> 5.1)
      tzinfo (~> 1.1)
    addressable (2.4.0)
    amq-protocol (2.0.1)
    amqp (1.6.0)
      amq-protocol (>= 2.0.1)
      eventmachine
    arel (7.1.0)
    async-rack (0.5.1)
      rack (~> 1.1)
    bson (1.12.5)
    bson_ext (1.12.5)
      bson (~> 1.12.5)
    concurrent-ruby (1.0.2)
    database_cleaner (1.5.3)
    diff-lcs (1.2.5)
    em-synchrony (1.0.5)
      eventmachine (>= 1.0.0.beta.1)
    em-websocket (0.3.8)
      addressable (>= 2.1.1)
      eventmachine (>= 0.12.9)
    eventmachine (1.2.0.1)
    garner (0.5.3)
      activesupport
      json
      multi_json (>= 1.3.0)
      rack
    git-version-bump (0.15.1)
    goliath (1.0.4)
      async-rack
      em-synchrony (>= 1.0.0)
      em-websocket (= 0.3.8)
      eventmachine (>= 1.0.0.beta.4)
      http_parser.rb (= 0.6.0)
      log4r
      multi_json
      rack (>= 1.2.2)
      rack-contrib
      rack-respond_to
    http_parser.rb (0.6.0)
    i18n (0.7.0)
    json (2.0.2)
    log4r (1.1.10)
    minitest (5.9.0)
    multi_json (1.12.1)
    pg (0.18.4)
    rack (1.6.4)
    rack-accept-media-types (0.9)
    rack-contrib (1.4.0)
      git-version-bump (~> 0.15)
      rack (~> 1.4)
    rack-respond_to (0.9.8)
      rack-accept-media-types (>= 0.6)
    rgeo (0.5.3)
    rgeo-activerecord (5.0.0)
      activerecord (~> 5.0.0)
      rgeo (~> 0.3)
    rodent (0.0.7)
      amqp (~> 1.3, >= 1.3.0)
      bson_ext (~> 1.10, >= 1.10.0)
      em-synchrony (~> 1.0, >= 1.0.3)
      goliath (~> 1.0, >= 1.0.3)
      multi_json (~> 1.9, >= 1.9.2)
    rspec (3.5.0)
      rspec-core (~> 3.5.0)
      rspec-expectations (~> 3.5.0)
      rspec-mocks (~> 3.5.0)
    rspec-core (3.5.1)
      rspec-support (~> 3.5.0)
    rspec-expectations (3.5.0)
      diff-lcs (>= 1.2.0, < 2.0)
      rspec-support (~> 3.5.0)
    rspec-mocks (3.5.0)
      diff-lcs (>= 1.2.0, < 2.0)
      rspec-support (~> 3.5.0)
    rspec-support (3.5.0)
    thread_safe (0.3.5)
    tzinfo (1.2.2)
      thread_safe (~> 0.1)

PLATFORMS
  ruby

DEPENDENCIES
  activerecord
  activerecord-postgis-adapter
  database_cleaner
  garner
  pg
  rodent
  rspec

RUBY VERSION
   ruby 2.3.1p112

BUNDLED WITH
   1.12.5
